GEM
  remote: http://rubygems.org/
  specs:
    curb (0.8.5)
    feedjira (1.1.0)
      curb (~> 0.8.1)
      loofah (~> 1.2.1)
      sax-machine (~> 0.2.1)
    loofah (1.2.1)
      nokogiri (>= 1.4.4)
    mini_portile (0.5.3)
    nokogiri (1.6.1)
      mini_portile (~> 0.5.0)
    rack (1.5.2)
    rack-protection (1.5.2)
      rack
    sax-machine (0.2.1)
      nokogiri (~> 1.6.0)
    sequel (4.8.0)
    sinatra (1.4.4)
      rack (~> 1.4)
      rack-protection (~> 1.4)
      tilt (~> 1.3, >= 1.3.4)
    tilt (1.4.1)

PLATFORMS
  ruby

DEPENDENCIES
  feedjira
  nokogiri
  sequel
  sinatra
